GEM
  remote: http://rubygems.org/
  specs:
    atom-tools (2.0.5)
    aws-sdk (1.8.5)
      json (~> 1.4)
      nokogiri (>= 1.4.4)
      uuidtools (~> 2.1)
    chunky_png (1.2.8)
    classifier (1.3.3)
      fast-stemmer (>= 1.0.0)
    colored (1.2)
    compass (0.12.2)
      chunky_png (~> 1.2)
      fssm (>= 0.2.7)
      sass (~> 3.1)
    configure-s3-website (1.4.0)
      deep_merge (= 1.0.0)
    deep_merge (1.0.0)
    directory_watcher (1.5.1)
    erubis (2.7.0)
    fast-stemmer (1.0.2)
    filey-diff (1.2.1)
    fssm (0.2.10)
    jekyll (0.12.1)
      classifier (~> 1.3)
      directory_watcher (~> 1.1)
      kramdown (~> 0.14)
      liquid (~> 2.3)
      maruku (~> 0.5)
      pygments.rb (~> 0.3.2)
    json (1.8.0)
    kramdown (0.14.2)
    liquid (2.5.0)
    maruku (0.6.1)
      syntax (>= 1.0.0)
    mime-types (1.19)
    mini_portile (0.5.0)
    modular-scale (1.0.6)
      compass (>= 0.12.1)
      sass (>= 3.2.0)
      sassy-math (>= 1.5)
    nokogiri (1.6.0)
      mini_portile (~> 0.5.0)
    pandoc-ruby (0.7.0)
    posix-spawn (0.3.6)
    pygments.rb (0.3.7)
      posix-spawn (~> 0.3.6)
      yajl-ruby (~> 1.1.0)
    rake (10.1.0)
    s3_website (1.0.0)
      aws-sdk (~> 1.8.5)
      configure-s3-website (~> 1)
      erubis (~> 2.7.0)
      filey-diff (~> 1)
      mime-types (= 1.19)
      simple-cloudfront-invalidator (~> 1)
      thor (= 0.18.1)
    sass (3.2.9)
    sassy-math (1.5)
      compass (~> 0.11)
    simple-cloudfront-invalidator (1.0.0)
      colored (= 1.2)
    stringex (2.0.6)
    syntax (1.0.0)
    thor (0.18.1)
    uuidtools (2.1.4)
    yajl-ruby (1.1.0)

PLATFORMS
  ruby

DEPENDENCIES
  atom-tools
  compass
  jekyll
  modular-scale
  pandoc-ruby
  pygments.rb (~> 0.3.4)
  rake
  s3_website
  sassy-math
  stringex
