GEM
  remote: http://rubygems.org/
  specs:
    atom-tools (2.0.5)
    colorator (0.1)
    ffi (1.9.10)
    jekyll (3.0.1)
      colorator (~> 0.1)
      jekyll-sass-converter (~> 1.0)
      jekyll-watch (~> 1.1)
      kramdown (~> 1.3)
      liquid (~> 3.0)
      mercenary (~> 0.3.3)
      rouge (~> 1.7)
      safe_yaml (~> 1.0)
    jekyll-paginate (1.1.0)
    jekyll-pandoc (1.0.1)
      jekyll (>= 2.1.1)
      pandoc-ruby (~> 1.0.0)
    jekyll-sass-converter (1.4.0)
      sass (~> 3.4)
    jekyll-watch (1.3.0)
      listen (~> 3.0)
    jekyll_figure (0.0.3)
    kramdown (1.9.0)
    liquid (3.0.6)
    listen (3.0.5)
      rb-fsevent (>= 0.9.3)
      rb-inotify (>= 0.9)
    mercenary (0.3.5)
    mini_portile2 (2.0.0)
    nokogiri (1.6.7.1)
      mini_portile2 (~> 2.0.0.rc2)
    pandoc-ruby (1.0.0)
    rake (10.4.2)
    rb-fsevent (0.9.6)
    rb-inotify (0.9.5)
      ffi (>= 0.5.0)
    rouge (1.10.1)
    safe_yaml (1.0.4)
    sass (3.4.20)
    stringex (2.5.2)

PLATFORMS
  ruby

DEPENDENCIES
  atom-tools
  jekyll (~> 3.0.1)
  jekyll-paginate
  jekyll-pandoc
  jekyll_figure
  nokogiri
  pandoc-ruby
  rake
  stringex

BUNDLED WITH
   1.11.2
